GEM
  remote: https://www.rubygems.org/
  specs:
    mini_magick (3.6.0)
      subexec (~> 0.2.1)
    subexec (0.2.3)

PLATFORMS
  ruby

DEPENDENCIES
  mini_magick
